PATH
  remote: .
  specs:
    passaporteweb-client (0.1.0)
      multi_json (~> 1.9.0)
      rest-client (~> 1.8.0)

GEM
  remote: https://rubygems.org/
  specs:
    addressable (2.3.3)
    awesome_print (1.1.0)
    byebug (4.0.5)
      columnize (= 0.9.0)
    coderay (1.1.0)
    colorize (0.5.8)
    columnize (0.9.0)
    coveralls (0.6.3)
      colorize
      multi_json (~> 1.3)
      rest-client
      simplecov (>= 0.7)
      thor
    crack (0.3.2)
    diff-lcs (1.2.1)
    domain_name (0.5.24)
      unf (>= 0.0.5, < 1.0.0)
    http-cookie (1.0.2)
      domain_name (~> 0.5)
    json (1.8.3)
    method_source (0.8.2)
    mime-types (2.6.1)
    multi_json (1.9.2)
    netrc (0.10.3)
    pry (0.10.1)
      coderay (~> 1.1.0)
      method_source (~> 0.8.1)
      slop (~> 3.4)
    pry-byebug (3.1.0)
      byebug (~> 4.0)
      pry (~> 0.10)
    rake (10.0.4)
    rdoc (4.0.1)
      json (~> 1.4)
    rest-client (1.8.0)
      http-cookie (>= 1.0.2, < 2.0)
      mime-types (>= 1.16, < 3.0)
      netrc (~> 0.7)
    rspec (2.13.0)
      rspec-core (~> 2.13.0)
      rspec-expectations (~> 2.13.0)
      rspec-mocks (~> 2.13.0)
    rspec-core (2.13.1)
    rspec-expectations (2.13.0)
      diff-lcs (>= 1.1.3, < 2.0)
    rspec-mocks (2.13.0)
    simplecov (0.7.1)
      multi_json (~> 1.0)
      simplecov-html (~> 0.7.1)
    simplecov-html (0.7.1)
    slop (3.6.0)
    thor (0.18.0)
    unf (0.1.4)
      unf_ext
    unf_ext (0.0.7.1)
    vcr (2.4.0)
    webmock (1.9.3)
      addressable (>= 2.2.7)
      crack (>= 0.3.2)

PLATFORMS
  ruby

DEPENDENCIES
  awesome_print (~> 1.1)
  bundler (~> 1.9.4)
  coveralls (~> 0.6)
  json (= 1.8.3)
  passaporteweb-client!
  pry (~> 0.10.1)
  pry-byebug (~> 3.1.0)
  rake (~> 10.0)
  rdoc (~> 4.0)
  rspec (~> 2.13)
  simplecov (~> 0.7)
  vcr (~> 2.4)
  webmock (~> 1.9.3)
